PATH
  remote: .
  specs:
    autonom (0.0.1)
      active_support
      amqp
      daemons
      foreman
      foreverb
      rake
      require_all
      thor
      virtus

GEM
  remote: http://rubygems.org/
  specs:
    active_support (3.0.0)
      activesupport (= 3.0.0)
    activesupport (3.0.0)
    amq-client (0.9.2)
      amq-protocol (>= 0.9.0)
      eventmachine
    amq-protocol (0.9.0)
    amqp (0.9.4)
      amq-client (~> 0.9.2)
      amq-protocol (>= 0.9.0)
      eventmachine
    ansi (1.4.2)
    backports (2.5.3)
    builder (3.0.0)
    daemons (1.1.8)
    eventmachine (0.12.10)
    foreman (0.46.0)
      thor (>= 0.13.6)
    foreverb (0.3.0)
      thor (~> 0.14.6)
    minitest (3.0.0)
    minitest-reporters (0.7.1)
      ansi
      builder
      minitest (>= 2.0, < 4.0)
      ruby-progressbar
    rake (0.9.2.2)
    require_all (1.2.1)
    ruby-progressbar (0.0.10)
    thor (0.14.6)
    virtus (0.4.2)
      backports (~> 2.5.3)

PLATFORMS
  ruby

DEPENDENCIES
  autonom!
  minitest
  minitest-reporters
